PATH
  remote: .
  specs:
    emg (0.1.0)

GEM
  remote: https://rubygems.org/
  specs:
    numo (0.1.1)
      numo-fftw (~> 0.1.1)
      numo-gnuplot (~> 0.2.4)
      numo-gsl (~> 0.1.1)
      numo-linalg (~> 0.1.0)
      numo-narray (~> 0.9.1)
    numo-fftw (0.1.1)
      numo-narray (~> 0.9.0)
    numo-gnuplot (0.2.4)
    numo-gsl (0.1.2)
      numo-narray (>= 0.9.0.8)
    numo-linalg (0.1.5)
      numo-narray (>= 0.9.1.4)
    numo-narray (0.9.1.9)
    rake (12.3.3)

PLATFORMS
  ruby

DEPENDENCIES
  emg!
  numo
  numo-linalg
  numo-narray
  rake (~> 12.0)

BUNDLED WITH
   2.1.4
